GIT
  remote: git://github.com/moritzh/ruby-tesseract-ocr.git
  revision: 250761268ef11040c54658b98c89b3151dcf4388
  specs:
    tesseract-ocr (0.1.6)
      call-me
      ffi-extra
      ffi-inline
      iso-639

PATH
  remote: .
  specs:
    textractor (0.0.1)
      rmagick
      tesseract-ocr

GEM
  remote: https://rubygems.org/
  specs:
    call-me (0.0.2.3)
      refining
    diff-lcs (1.2.5)
    docile (1.1.5)
    ffi (1.9.6)
    ffi-extra (0.1.0)
      ffi
    ffi-inline (0.0.4.3)
      ffi (>= 0.4.0)
    iso-639 (0.2.5)
    multi_json (1.10.1)
    refining (0.0.5.5)
    rmagick (2.13.3)
    rspec (3.1.0)
      rspec-core (~> 3.1.0)
      rspec-expectations (~> 3.1.0)
      rspec-mocks (~> 3.1.0)
    rspec-core (3.1.7)
      rspec-support (~> 3.1.0)
    rspec-expectations (3.1.2)
      diff-lcs (>= 1.2.0, < 2.0)
      rspec-support (~> 3.1.0)
    rspec-mocks (3.1.3)
      rspec-support (~> 3.1.0)
    rspec-support (3.1.2)
    simplecov (0.9.1)
      docile (~> 1.1.0)
      multi_json (~> 1.0)
      simplecov-html (~> 0.8.0)
    simplecov-html (0.8.0)

PLATFORMS
  ruby

DEPENDENCIES
  rspec
  simplecov
  tesseract-ocr!
  textractor!
